GEM
  remote: https://rubygems.org/
  specs:
    actioncable (5.1.3)
      actionpack (= 5.1.3)
      nio4r (~> 2.0)
      websocket-driver (~> 0.6.1)
    actionmailer (5.1.3)
      actionpack (= 5.1.3)
      actionview (= 5.1.3)
      activejob (= 5.1.3)
      mail (~> 2.5, >= 2.5.4)
      rails-dom-testing (~> 2.0)
    actionpack (5.1.3)
      actionview (= 5.1.3)
      activesupport (= 5.1.3)
      rack (~> 2.0)
      rack-test (~> 0.6.3)
      rails-dom-testing (~> 2.0)
      rails-html-sanitizer (~> 1.0, >= 1.0.2)
    actionview (5.1.3)
      activesupport (= 5.1.3)
      builder (~> 3.1)
      erubi (~> 1.4)
      rails-dom-testing (~> 2.0)
      rails-html-sanitizer (~> 1.0, >= 1.0.3)
    active_link_to (1.0.4)
      actionpack
      addressable
    activejob (5.1.3)
      activesupport (= 5.1.3)
      globalid (>= 0.3.6)
    activemodel (5.1.3)
      activesupport (= 5.1.3)
    activerecord (5.1.3)
      activemodel (= 5.1.3)
      activesupport (= 5.1.3)
      arel (~> 8.0)
    activesupport (5.1.3)
      concurrent-ruby (~> 1.0, >= 1.0.2)
      i18n (~> 0.7)
      minitest (~> 5.1)
      tzinfo (~> 1.1)
    addressable (2.5.1)
      public_suffix (~> 2.0, >= 2.0.2)
    arel (8.0.0)
    bcrypt (3.1.11)
    bcrypt (3.1.11-x64-mingw32)
    bindex (0.5.0)
    builder (3.2.3)
    byebug (9.1.0)
    carrierwave (1.1.0)
      activemodel (>= 4.0.0)
      activesupport (>= 4.0.0)
      mime-types (>= 1.16)
    chronic (0.10.2)
    coffee-rails (4.2.2)
      coffee-script (>= 2.2.0)
      railties (>= 4.0.0)
    coffee-script (2.4.1)
      coffee-script-source
      execjs
    coffee-script-source (1.12.2)
    concurrent-ruby (1.0.5)
    devise (4.3.0)
      bcrypt (~> 3.0)
      orm_adapter (~> 0.1)
      railties (>= 4.1.0, < 5.2)
      responders
      warden (~> 1.2.3)
    docile (1.1.5)
    erubi (1.6.1)
    execjs (2.7.0)
    faker (1.8.4)
      i18n (~> 0.5)
    faraday (0.12.2)
      multipart-post (>= 1.2, < 3)
    faster_require (0.9.4)
    ffi (1.9.18)
    ffi (1.9.18-x64-mingw32)
    globalid (0.4.0)
      activesupport (>= 4.2.0)
    hashie (3.5.6)
    i18n (0.8.6)
    jbuilder (2.7.0)
      activesupport (>= 4.2.0)
      multi_json (>= 1.2)
    json (2.1.0)
    jwt (1.5.6)
    loofah (2.0.3)
      nokogiri (>= 1.5.9)
    mail (2.6.6)
      mime-types (>= 1.16, < 4)
    method_source (0.8.2)
    mime-types (3.1)
      mime-types-data (~> 3.2015)
    mime-types-data (3.2016.0521)
    mini_portile2 (2.2.0)
    minitest (5.10.3)
    monetize (1.7.0)
      money (~> 6.9)
    money (6.9.0)
      i18n (>= 0.6.4, < 0.9)
    money-rails (1.9.0)
      activesupport (>= 3.0)
      monetize (~> 1.7.0)
      money (~> 6.9.0)
      railties (>= 3.0)
    multi_json (1.12.1)
    multi_xml (0.6.0)
    multipart-post (2.0.0)
    nio4r (2.1.0)
    nokogiri (1.8.0)
      mini_portile2 (~> 2.2.0)
    nokogiri (1.8.0-x64-mingw32)
      mini_portile2 (~> 2.2.0)
    oauth2 (1.4.0)
      faraday (>= 0.8, < 0.13)
      jwt (~> 1.0)
      multi_json (~> 1.3)
      multi_xml (~> 0.5)
      rack (>= 1.2, < 3)
    omniauth (1.6.1)
      hashie (>= 3.4.6, < 3.6.0)
      rack (>= 1.6.2, < 3)
    omniauth-facebook (4.0.0)
      omniauth-oauth2 (~> 1.2)
    omniauth-google-oauth2 (0.5.2)
      jwt (~> 1.5)
      multi_json (~> 1.3)
      omniauth (>= 1.1.1)
      omniauth-oauth2 (>= 1.3.1)
    omniauth-oauth2 (1.4.0)
      oauth2 (~> 1.0)
      omniauth (~> 1.2)
    orm_adapter (0.5.0)
    public_suffix (2.0.5)
    puma (3.10.0)
    rack (2.0.3)
    rack-test (0.6.3)
      rack (>= 1.0)
    rails (5.1.3)
      actioncable (= 5.1.3)
      actionmailer (= 5.1.3)
      actionpack (= 5.1.3)
      actionview (= 5.1.3)
      activejob (= 5.1.3)
      activemodel (= 5.1.3)
      activerecord (= 5.1.3)
      activesupport (= 5.1.3)
      bundler (>= 1.3.0)
      railties (= 5.1.3)
      sprockets-rails (>= 2.0.0)
    rails-dom-testing (2.0.3)
      activesupport (>= 4.2.0)
      nokogiri (>= 1.6)
    rails-html-sanitizer (1.0.3)
      loofah (~> 2.0)
    railties (5.1.3)
      actionpack (= 5.1.3)
      activesupport (= 5.1.3)
      method_source
      rake (>= 0.8.7)
      thor (>= 0.18.1, < 2.0)
    rake (12.0.0)
    rake-progressbar (0.0.5)
    rb-fsevent (0.10.2)
    rb-inotify (0.9.10)
      ffi (>= 0.5.0, < 2)
    responders (2.4.0)
      actionpack (>= 4.2.0, < 5.3)
      railties (>= 4.2.0, < 5.3)
    rmagick (2.16.0)
    rtesseract (2.1.0)
      nokogiri
    ruby-units (2.2.0)
    sass (3.5.1)
      sass-listen (~> 4.0.0)
    sass-listen (4.0.0)
      rb-fsevent (~> 0.9, >= 0.9.4)
      rb-inotify (~> 0.9, >= 0.9.7)
    sass-rails (5.0.6)
      railties (>= 4.0.0, < 6)
      sass (~> 3.1)
      sprockets (>= 2.8, < 4.0)
      sprockets-rails (>= 2.0, < 4.0)
      tilt (>= 1.1, < 3)
    simplecov (0.15.0)
      docile (~> 1.1.0)
      json (>= 1.8, < 3)
      simplecov-html (~> 0.10.0)
    simplecov-html (0.10.2)
    sprockets (3.7.1)
      concurrent-ruby (~> 1.0)
      rack (> 1, < 3)
    sprockets-rails (3.2.0)
      actionpack (>= 4.0)
      activesupport (>= 4.0)
      sprockets (>= 3.0.0)
    sqlite3 (1.3.13)
    sqlite3 (1.3.13-x64-mingw32)
    thor (0.20.0)
    thread_safe (0.3.6)
    tilt (2.0.8)
    turbolinks (5.0.1)
      turbolinks-source (~> 5)
    turbolinks-source (5.0.3)
    tzinfo (1.2.3)
      thread_safe (~> 0.1)
    tzinfo-data (1.2017.2)
      tzinfo (>= 1.0.0)
    uglifier (3.2.0)
      execjs (>= 0.3.0, < 3)
    warden (1.2.7)
      rack (>= 1.0)
    web-console (3.5.1)
      actionview (>= 5.0)
      activemodel (>= 5.0)
      bindex (>= 0.4.0)
      railties (>= 5.0)
    websocket-driver (0.6.5)
      websocket-extensions (>= 0.1.0)
    websocket-extensions (0.1.2)

PLATFORMS
  ruby
  x64-mingw32

DEPENDENCIES
  active_link_to
  bcrypt (~> 3.1.11)
  byebug
  carrierwave
  chronic
  coffee-rails (~> 4.2)
  devise
  faker
  faster_require
  jbuilder (~> 2.5)
  money-rails
  omniauth
  omniauth-facebook
  omniauth-google-oauth2
  puma (~> 3.7)
  rails (~> 5.1.2)
  rake-progressbar
  rmagick
  rtesseract
  ruby-units
  sass-rails (~> 5.0)
  simplecov
  sqlite3
  turbolinks (~> 5)
  tzinfo-data
  uglifier (>= 1.3.0)
  web-console (>= 3.3.0)

BUNDLED WITH
   1.15.4
